GIT
  remote: git://github.com/adhearsion/adhearsion-asr.git
  revision: 0f3ea0f0ce1c1b33e63052ee4558bc85e45e22ce
  branch: develop
  specs:
    adhearsion-asr (1.2.0)
      adhearsion (~> 2.4)
      punchblock (~> 2.0)
      ruby_speech (~> 2.1)

GIT
  remote: git://github.com/adhearsion/adhearsion-asterisk.git
  revision: 18a671f09e7f26ae85cee799ccd58858f40f2fdc
  branch: develop
  specs:
    adhearsion-asterisk (1.5.1)
      adhearsion (~> 2.5)

GIT
  remote: git://github.com/adhearsion/adhearsion.git
  revision: 21ee933026c50198a6568611702cb1b5be671729
  branch: develop
  specs:
    adhearsion (2.5.4)
      activesupport (>= 3.0.0, < 5.0.0)
      adhearsion-loquacious (~> 1.9)
      bundler (~> 1.0)
      celluloid (~> 0.14)
      countdownlatch
      deep_merge
      ffi (~> 1.0)
      girl_friday
      has-guarded-handlers (~> 1.6)
      logging (~> 1.8)
      pry
      punchblock (~> 2.5, >= 2.5.3)
      rake
      ruby_speech (~> 2.0)
      thor (~> 0.18.0)

GIT
  remote: git://github.com/adhearsion/has-guarded-handlers.git
  revision: b15ee22725dec85b1e1405f484e2c9c506988901
  branch: develop
  specs:
    has-guarded-handlers (1.6.0)

GIT
  remote: git://github.com/adhearsion/punchblock.git
  revision: c26a249bbc6ca1a2dd097087bb449646b2e72027
  branch: develop
  specs:
    punchblock (2.5.3)
      activesupport (>= 3.0.0, < 5.0.0)
      blather (~> 1.0)
      celluloid (~> 0.15.2)
      future-resource (~> 1.0)
      has-guarded-handlers (~> 1.5)
      nokogiri (~> 1.5, >= 1.5.6)
      ruby_ami (~> 2.2)
      ruby_fs (~> 1.1)
      ruby_jid (~> 1.0)
      ruby_speech (~> 2.3)
      state_machine (~> 1.0)
      virtus (~> 1.0)

GIT
  remote: git://github.com/adhearsion/ruby_ami.git
  revision: 1e52451fa94607adba1e9ddb3f7056a894d4f8ea
  branch: develop
  specs:
    ruby_ami (2.2.1)
      celluloid-io (~> 0.13)

GEM
  remote: http://rubygems.org/
  specs:
    activesupport (4.1.7)
      i18n (~> 0.6, >= 0.6.9)
      json (~> 1.7, >= 1.7.7)
      minitest (~> 5.1)
      thread_safe (~> 0.1)
      tzinfo (~> 1.1)
    adhearsion-loquacious (1.9.3)
    amq-protocol (1.9.2)
    axiom-types (0.1.1)
      descendants_tracker (~> 0.0.4)
      ice_nine (~> 0.11.0)
      thread_safe (~> 0.3, >= 0.3.1)
    blather (1.0.0)
      activesupport (>= 2.3.11)
      eventmachine (>= 1.0.0)
      girl_friday
      niceogiri (~> 1.0)
      nokogiri (~> 1.5, >= 1.5.6)
    bundler-unload (1.0.2)
    bunny (1.6.0)
      amq-protocol (>= 1.9.2)
    celluloid (0.15.2)
      timers (~> 1.1.0)
    celluloid-io (0.15.0)
      celluloid (>= 0.15.0)
      nio4r (>= 0.5.0)
    coderay (1.1.0)
    coercible (1.0.0)
      descendants_tracker (~> 0.0.1)
    colorize (0.7.3)
    connection_pool (1.2.0)
    countdownlatch (1.0.0)
    deep_merge (1.0.1)
    descendants_tracker (0.0.4)
      thread_safe (~> 0.3, >= 0.3.1)
    diff-lcs (1.2.5)
    equalizer (0.0.9)
    eventmachine (1.0.3)
    eventmachine (1.0.3-java)
    executable-hooks (1.3.2)
    ffi (1.9.6)
    ffi (1.9.6-java)
    future-resource (1.1.0)
    girl_friday (0.11.2)
      connection_pool (~> 1.0)
      rubinius-actor
    git-smart (0.1.10)
      colorize
    hirb (0.7.2)
    i18n (0.6.11)
    ice_nine (0.11.0)
    jdbc-mysql (5.1.33)
    json (1.8.1)
    json (1.8.1-java)
    little-plugger (1.1.3)
    logging (1.8.2)
      little-plugger (>= 1.1.3)
      multi_json (>= 1.8.4)
    method_source (0.8.2)
    mini_portile (0.6.0)
    minitest (5.4.2)
    multi_json (1.10.1)
    mysql2 (0.3.16)
    niceogiri (1.1.2)
      nokogiri (~> 1.5)
    nio4r (1.0.1)
    nio4r (1.0.1-java)
    nokogiri (1.6.3.1)
      mini_portile (= 0.6.0)
    nokogiri (1.6.3.1-java)
    pry (0.10.1)
      coderay (~> 1.1.0)
      method_source (~> 0.8.1)
      slop (~> 3.4)
    pry (0.10.1-java)
      coderay (~> 1.1.0)
      method_source (~> 0.8.1)
      slop (~> 3.4)
      spoon (~> 0.0)
    rake (10.3.2)
    redis (3.1.0)
    rspec (3.1.0)
      rspec-core (~> 3.1.0)
      rspec-expectations (~> 3.1.0)
      rspec-mocks (~> 3.1.0)
    rspec-core (3.1.7)
      rspec-support (~> 3.1.0)
    rspec-expectations (3.1.2)
      diff-lcs (>= 1.2.0, < 2.0)
      rspec-support (~> 3.1.0)
    rspec-mocks (3.1.3)
      rspec-support (~> 3.1.0)
    rspec-support (3.1.2)
    rubinius-actor (0.0.2)
      rubinius-core-api
    rubinius-core-api (0.0.1)
    rubinius-core-api (0.0.1-java)
    ruby_fs (1.1.1)
      celluloid-io (~> 0.13)
    ruby_jid (1.0.0)
    ruby_speech (2.3.2)
      activesupport (>= 3.0.7, < 5.0.0)
      nokogiri (~> 1.6)
    ruby_speech (2.3.2-java)
      activesupport (>= 3.0.7, < 5.0.0)
      nokogiri (~> 1.6)
    rubygems-bundler (1.4.4)
      bundler-unload (>= 1.0.2)
      executable-hooks (>= 1.3.2)
    sequel (4.15.0)
    sequella (1.1.0)
      adhearsion (~> 2.1)
      sequel (>= 3.40.0)
    slop (3.6.0)
    spoon (0.0.4)
      ffi
    state_machine (1.2.0)
    thor (0.18.1)
    thread_safe (0.3.4)
    thread_safe (0.3.4-java)
    timers (1.1.0)
    tzinfo (1.2.2)
      thread_safe (~> 0.1)
    virtus (1.0.3)
      axiom-types (~> 0.1)
      coercible (~> 1.0)
      descendants_tracker (~> 0.0, >= 0.0.3)
      equalizer (~> 0.0, >= 0.0.9)
    wirble (0.1.3)

PLATFORMS
  java
  ruby

DEPENDENCIES
  activesupport
  adhearsion!
  adhearsion-asr!
  adhearsion-asterisk!
  bunny
  celluloid
  connection_pool
  git-smart
  has-guarded-handlers!
  hirb
  i18n
  jdbc-mysql
  mysql2
  punchblock!
  redis
  rspec
  ruby_ami!
  rubygems-bundler
  sequella
  wirble
